GEM
  remote: https://rubygems.org/
  specs:
    macaddr (1.7.1)
      systemu (~> 2.6.2)
    rack (1.6.5)
    rack-protection (1.5.3)
      rack
    sinatra (1.4.8)
      rack (~> 1.5)
      rack-protection (~> 1.4)
      tilt (>= 1.3, < 3)
    systemu (2.6.5)
    tilt (2.0.6)
    uuid (2.3.8)
      macaddr (~> 1.0)

PLATFORMS
  ruby

DEPENDENCIES
  sinatra
  uuid

BUNDLED WITH
   1.14.4
